PATH
  remote: .
  specs:
    starscope (1.4.1)
      backports (~> 3.6)
      oj (~> 2.9)
      parser (~> 2.2.2)
      rkelly (= 1.0.7)
      ruby-progressbar (~> 1.5)

GEM
  remote: https://rubygems.org/
  specs:
    ast (2.0.0)
    backports (3.6.5)
    coderay (1.1.0)
    metaclass (0.0.4)
    method_source (0.8.2)
    minitest (5.7.0)
    mocha (1.1.0)
      metaclass (~> 0.0.1)
    oj (2.12.10)
    parser (2.2.2.6)
      ast (>= 1.1, < 3.0)
    pry (0.10.1)
      coderay (~> 1.1.0)
      method_source (~> 0.8.1)
      slop (~> 3.4)
    rake (10.4.2)
    rkelly (1.0.7)
    ruby-progressbar (1.7.5)
    slop (3.6.0)

PLATFORMS
  ruby

DEPENDENCIES
  bundler (~> 1.5)
  minitest
  mocha
  pry
  rake
  starscope!

BUNDLED WITH
   1.10.5
